GEM
  remote: https://rubygems.org/
  specs:
    mini_portile2 (2.4.0)
    nokogiri (1.10.4)
      mini_portile2 (~> 2.4.0)

PLATFORMS
  ruby

DEPENDENCIES
  bundler (~> 1.17.1, >= 1.17.1)
  mini_portile2 (~> 2.4.0, >= 2.4.0)
  nokogiri (~> 1.10)

BUNDLED WITH
   1.17.1
